GIT
  remote: git@github.com:alphagov/cdn_helpers.git
  revision: 82a30e7b0d30d82d89bb0e75df6b2e811f9c0e1a
  tag: v0.8.3
  specs:
    cdn_helpers (0.8.3)
      actionpack (~> 3.0.0)
      nokogiri

GIT
  remote: git@github.com:alphagov/geolib.git
  revision: dd3753eaad9aa6777af14c81e96f0ff5edfdf58b
  tag: v0.8.4
  specs:
    geolib (0.8.2)

GIT
  remote: git@github.com:alphagov/rack-geo.git
  revision: 7a8db960dfd0257194a24c7ee2f33edcc57638ba
  tag: v0.7
  specs:
    rack-geo (0.6.0)
      geolib (~> 0.8.0)
      json
      rack (~> 1.2.0)

GEM
  remote: http://rubygems.org/
  specs:
    abstract (1.0.0)
    actionpack (3.0.7)
      activemodel (= 3.0.7)
      activesupport (= 3.0.7)
      builder (~> 2.1.2)
      erubis (~> 2.6.6)
      i18n (~> 0.5.0)
      rack (~> 1.2.1)
      rack-mount (~> 0.6.14)
      rack-test (~> 0.5.7)
      tzinfo (~> 0.3.23)
    activemodel (3.0.7)
      activesupport (= 3.0.7)
      builder (~> 2.1.2)
      i18n (~> 0.5.0)
    activesupport (3.0.7)
    builder (2.1.2)
    erubis (2.6.6)
      abstract (>= 1.0.0)
    i18n (0.5.0)
    json (1.5.1)
    nokogiri (1.4.4)
    rack (1.2.2)
    rack-mount (0.6.14)
      rack (>= 1.0.0)
    rack-test (0.5.7)
      rack (>= 1.0)
    rake (0.8.7)
    tzinfo (0.3.27)

PLATFORMS
  ruby

DEPENDENCIES
  cdn_helpers!
  geolib!
  rack
  rack-geo!
  rake
