GIT
  remote: git@github.com:alphagov/cdn_helpers.git
  revision: 08351e083eceb2e5b4920a781b47602c8561a883
  tag: v0.8.4
  specs:
    cdn_helpers (0.8.4)
      actionpack (~> 3.0.0)
      nokogiri

GIT
  remote: git@github.com:alphagov/rack-geo.git
  revision: 41e22846269d998f570f6ad89dc281192f87634d
  tag: v0.10
  specs:
    rack-geo (0.6.0)
      geogov
      json
      rack (~> 1.2.0)

GEM
  remote: http://rubygems.org/
  specs:
    abstract (1.0.0)
    actionpack (3.0.10)
      activemodel (= 3.0.10)
      activesupport (= 3.0.10)
      builder (~> 2.1.2)
      erubis (~> 2.6.6)
      i18n (~> 0.5.0)
      rack (~> 1.2.1)
      rack-mount (~> 0.6.14)
      rack-test (~> 0.5.7)
      tzinfo (~> 0.3.23)
    activemodel (3.0.10)
      activesupport (= 3.0.10)
      builder (~> 2.1.2)
      i18n (~> 0.5.0)
    activesupport (3.0.10)
    builder (2.1.2)
    erubis (2.6.6)
      abstract (>= 1.0.0)
    geogov (0.0.1)
    i18n (0.5.0)
    json (1.6.1)
    nokogiri (1.5.0)
    null_logger (0.0.1)
    rack (1.2.4)
    rack-mount (0.6.14)
      rack (>= 1.0.0)
    rack-test (0.5.7)
      rack (>= 1.0)
    rake (0.9.2)
    router-client (1.0.0)
      builder
      null_logger
    tzinfo (0.3.29)

PLATFORMS
  ruby

DEPENDENCIES
  cdn_helpers!
  rack
  rack-geo!
  rake
  router-client
