GIT
  remote: git@github.com:alphagov/cdn_helpers.git
  revision: b8649d49c0b0505c0b13c5661d13e40533fc5987
  tag: v0.8.0
  specs:
    cdn_helpers (0.7.1)
      actionpack (~> 3.0.0)
      nokogiri

GIT
  remote: git@github.com:alphagov/geolib.git
  revision: 60457d53940852f6e3e85125e3bb4a72a49917a9
  tag: v0.8.2
  specs:
    geolib (0.8.2)

GIT
  remote: git@github.com:alphagov/rack-geo.git
  revision: 7a8db960dfd0257194a24c7ee2f33edcc57638ba
  tag: v0.7
  specs:
    rack-geo (0.6.0)
      geolib (~> 0.8.0)
      json
      rack (~> 1.2.0)

GEM
  remote: http://rubygems.org/
  specs:
    abstract (1.0.0)
    actionpack (3.0.7)
      activemodel (= 3.0.7)
      activesupport (= 3.0.7)
      builder (~> 2.1.2)
      erubis (~> 2.6.6)
      i18n (~> 0.5.0)
      rack (~> 1.2.1)
      rack-mount (~> 0.6.14)
      rack-test (~> 0.5.7)
      tzinfo (~> 0.3.23)
    activemodel (3.0.7)
      activesupport (= 3.0.7)
      builder (~> 2.1.2)
      i18n (~> 0.5.0)
    activesupport (3.0.7)
    builder (2.1.2)
    erubis (2.6.6)
      abstract (>= 1.0.0)
    i18n (0.5.0)
    json (1.5.1)
    nokogiri (1.4.4)
    rack (1.2.2)
    rack-mount (0.6.14)
      rack (>= 1.0.0)
    rack-test (0.5.7)
      rack (>= 1.0)
    rake (0.8.7)
    tzinfo (0.3.27)

PLATFORMS
  ruby

DEPENDENCIES
  cdn_helpers!
  geolib!
  rack
  rack-geo!
  rake
